GEM
  remote: http://rubygems.org/
  specs:
    ParseTree (3.0.6)
      RubyInline (>= 3.7.0)
      sexp_processor (>= 3.0.0)
    RubyInline (3.8.6)
      ZenTest (~> 4.3)
    ZenTest (4.4.2)
    aaronh-chronic (0.3.9)
    abstract (1.0.0)
    actionmailer (3.0.3)
      actionpack (= 3.0.3)
      mail (~> 2.2.9)
    actionpack (3.0.3)
      activemodel (= 3.0.3)
      activesupport (= 3.0.3)
      builder (~> 2.1.2)
      erubis (~> 2.6.6)
      i18n (~> 0.4)
      rack (~> 1.2.1)
      rack-mount (~> 0.6.13)
      rack-test (~> 0.5.6)
      tzinfo (~> 0.3.23)
    activemodel (3.0.3)
      activesupport (= 3.0.3)
      builder (~> 2.1.2)
      i18n (~> 0.4)
    activerecord (3.0.3)
      activemodel (= 3.0.3)
      activesupport (= 3.0.3)
      arel (~> 2.0.2)
      tzinfo (~> 0.3.23)
    activeresource (3.0.3)
      activemodel (= 3.0.3)
      activesupport (= 3.0.3)
    activesupport (3.0.3)
    archive-tar-minitar (0.5.2)
    arel (2.0.7)
    autotest-rails-pure (4.1.2)
    bcrypt-ruby (2.1.4)
    bson (1.2.0)
    bson_ext (1.2.0)
    builder (2.1.2)
    capistrano (2.5.19)
      highline
      net-scp (>= 1.0.0)
      net-sftp (>= 2.0.0)
      net-ssh (>= 2.0.14)
      net-ssh-gateway (>= 1.0.0)
    capybara (0.4.1.1)
      celerity (>= 0.7.9)
      culerity (>= 0.2.4)
      mime-types (>= 1.16)
      nokogiri (>= 1.3.3)
      rack (>= 1.0.0)
      rack-test (>= 0.5.4)
      selenium-webdriver (>= 0.0.27)
      xpath (~> 0.1.3)
    carrierwave (0.5.1)
      activesupport (~> 3.0)
    celerity (0.8.7)
    childprocess (0.1.6)
      ffi (~> 0.6.3)
    columnize (0.3.2)
    configuration (1.2.0)
    cucumber (0.10.0)
      builder (>= 2.1.2)
      diff-lcs (~> 1.1.2)
      gherkin (~> 2.3.2)
      json (~> 1.4.6)
      term-ansicolor (~> 1.0.5)
    cucumber-rails (0.3.2)
      cucumber (>= 0.8.0)
    culerity (0.2.15)
    database_cleaner (0.6.1)
    devise (1.1.5)
      bcrypt-ruby (~> 2.1.2)
      warden (~> 1.0.2)
    diff-lcs (1.1.2)
    erubis (2.6.6)
      abstract (>= 1.0.0)
    factory_girl (1.3.3)
    factory_girl_rails (1.0.1)
      factory_girl (~> 1.3)
      railties (>= 3.0.0)
    ffi (0.6.3)
      rake (>= 0.8.7)
    file-tail (1.0.5)
      spruz (>= 0.1.0)
    gherkin (2.3.3)
      json (~> 1.4.6)
    haml (3.0.25)
    haml-rails (0.3.4)
      actionpack (~> 3.0)
      activesupport (~> 3.0)
      haml (~> 3.0)
      railties (~> 3.0)
    highline (1.6.1)
    hpricot (0.8.3)
    i18n (0.5.0)
    json (1.4.6)
    json_pure (1.5.1)
    kgio (2.1.1)
    launchy (0.3.7)
      configuration (>= 0.0.5)
      rake (>= 0.8.1)
    linecache19 (0.5.11)
      ruby_core_source (>= 0.1.4)
    mail (2.2.15)
      activesupport (>= 2.3.6)
      i18n (>= 0.4.0)
      mime-types (~> 1.16)
      treetop (~> 1.4.8)
    mime-types (1.16)
    mini_magick (3.2)
      subexec (~> 0.0.4)
    mongo (1.2.0)
      bson (>= 1.2.0)
    mongoid (2.0.0.rc.7)
      activemodel (~> 3.0)
      mongo (~> 1.2)
      tzinfo (~> 0.3.22)
      will_paginate (~> 3.0.pre)
    net-scp (1.0.4)
      net-ssh (>= 1.99.1)
    net-sftp (2.0.5)
      net-ssh (>= 2.0.9)
    net-ssh (2.1.0)
    net-ssh-gateway (1.0.1)
      net-ssh (>= 1.99.1)
    nokogiri (1.4.4)
    polyglot (0.3.1)
    predicated (0.2.2)
    rack (1.2.1)
    rack-mount (0.6.13)
      rack (>= 1.0.0)
    rack-test (0.5.7)
      rack (>= 1.0)
    rails (3.0.3)
      actionmailer (= 3.0.3)
      actionpack (= 3.0.3)
      activerecord (= 3.0.3)
      activeresource (= 3.0.3)
      activesupport (= 3.0.3)
      bundler (~> 1.0)
      railties (= 3.0.3)
    rails-generators (0.0.1)
    rails3-generators (0.17.4)
      railties (>= 3.0.0)
    railties (3.0.3)
      actionpack (= 3.0.3)
      activesupport (= 3.0.3)
      rake (>= 0.8.7)
      thor (~> 0.14.4)
    rake (0.8.7)
    rspec (2.4.0)
      rspec-core (~> 2.4.0)
      rspec-expectations (~> 2.4.0)
      rspec-mocks (~> 2.4.0)
    rspec-core (2.4.0)
    rspec-expectations (2.4.0)
      diff-lcs (~> 1.1.2)
    rspec-mocks (2.4.0)
    rspec-rails (2.4.1)
      actionpack (~> 3.0)
      activesupport (~> 3.0)
      railties (~> 3.0)
      rspec (~> 2.4.0)
    ruby-debug-base19 (0.11.24)
      columnize (>= 0.3.1)
      linecache19 (>= 0.5.11)
      ruby_core_source (>= 0.1.4)
    ruby-debug19 (0.11.6)
      columnize (>= 0.3.1)
      linecache19 (>= 0.5.11)
      ruby-debug-base19 (>= 0.11.19)
    ruby2ruby (1.2.5)
      ruby_parser (~> 2.0)
      sexp_processor (~> 3.0)
    ruby_core_source (0.1.4)
      archive-tar-minitar (>= 0.5.2)
    ruby_parser (2.0.5)
      sexp_processor (~> 3.0)
    rubyzip (0.9.4)
    selenium-webdriver (0.1.2)
      childprocess (~> 0.1.5)
      ffi (~> 0.6.3)
      json_pure
      rubyzip
    sendgrid (0.1.4)
    sexp_processor (3.0.5)
    sourcify (0.4.1)
      file-tail (>= 1.0.5)
      ruby2ruby (>= 1.2.5)
      sexp_processor (>= 3.0.5)
    spruz (0.2.2)
    subexec (0.0.4)
    term-ansicolor (1.0.5)
    thor (0.14.6)
    treetop (1.4.9)
      polyglot (>= 0.3.1)
    tzinfo (0.3.24)
    unicorn (3.3.1)
      kgio (~> 2.1)
      rack
    warden (1.0.3)
      rack (>= 1.0.0)
    whenever (0.6.2)
      aaronh-chronic (>= 0.3.9)
      activesupport (>= 2.3.4)
    will_paginate (3.0.pre2)
    wrong (0.5.0)
      ParseTree (~> 3.0)
      diff-lcs (~> 1.1.2)
      file-tail (~> 1.0)
      predicated (>= 0.2.2)
      ruby2ruby (~> 1.2)
      ruby_parser (~> 2.0.4)
      sexp_processor (~> 3.0)
      sourcify (>= 0.3.0)
    xpath (0.1.3)
      nokogiri (~> 1.3)

PLATFORMS
  ruby

DEPENDENCIES
  autotest-rails-pure
  bson_ext
  capistrano
  capybara
  carrierwave
  cucumber-rails
  database_cleaner
  devise
  factory_girl_rails
  haml-rails
  hpricot
  launchy
  mini_magick
  mongoid (= 2.0.0.rc.7)
  rails
  rails-generators
  rails3-generators
  rspec-rails
  ruby-debug19
  sendgrid
  unicorn
  whenever
  wrong
